GEM
  remote: http://rubygems.org/
  specs:
    activemodel (3.2.12)
      activesupport (= 3.2.12)
      builder (~> 3.0.0)
    activerecord (3.2.12)
      activemodel (= 3.2.12)
      activesupport (= 3.2.12)
      arel (~> 3.0.2)
      tzinfo (~> 0.3.29)
    activesupport (3.2.12)
      i18n (~> 0.6)
      multi_json (~> 1.0)
    acts_as_solr (1.3.3)
    ansi (1.4.3)
    arel (3.0.2)
    backports (2.8.2)
    builder (3.0.4)
    eventmachine (1.0.0)
    haml (3.1.4)
    i18n (0.6.1)
    json (1.7.7)
    metaclass (0.0.1)
    minitest (4.5.0)
    mocha (0.13.2)
      metaclass (~> 0.0.1)
    multi_json (1.5.0)
    mysql (2.8.1)
    nokogiri (1.4.7)
    rack (1.5.2)
    rack-protection (1.3.2)
      rack
    rack-test (0.6.2)
      rack (>= 1.0)
    redgreen (1.2.2)
    sanitize (2.0.3)
      nokogiri (>= 1.4.4, < 1.6)
    shotgun (0.9)
      rack (>= 1.0)
    simplecov (0.7.1)
      multi_json (~> 1.0)
      simplecov-html (~> 0.7.1)
    simplecov-html (0.7.1)
    sinatra (1.3.4)
      rack (~> 1.4)
      rack-protection (~> 1.3)
      tilt (~> 1.3, >= 1.3.3)
    sinatra-contrib (1.3.2)
      backports (>= 2.0)
      eventmachine
      rack-protection
      rack-test
      sinatra (~> 1.3.0)
      tilt (~> 1.3)
    tilt (1.3.3)
    turn (0.9.4)
      ansi
    tzinfo (0.3.35)

PLATFORMS
  ruby

DEPENDENCIES
  activerecord (= 3.2.12)
  acts_as_solr (= 1.3.3)
  haml (= 3.1.4)
  json (= 1.7.7)
  minitest
  mocha
  mysql (= 2.8.1)
  rack (= 1.5.2)
  redgreen
  sanitize
  shotgun
  simplecov (= 0.7.1)
  sinatra (= 1.3.4)
  sinatra-contrib (= 1.3.2)
  turn
