GEM
  remote: http://rubygems.org/
  specs:
    activerecord (2.3.15)
      activesupport (= 2.3.15)
    activesupport (2.3.15)
    acts_as_solr (1.3.3)
    ansi (1.4.2)
    haml (3.1.4)
    json (1.5.4)
    minitest (4.2.0)
    multi_json (1.5.0)
    mysql (2.8.1)
    nokogiri (1.4.7)
    rack (1.4.1)
    rack-protection (1.3.2)
      rack
    redgreen (1.2.2)
    sanitize (2.0.3)
      nokogiri (>= 1.4.4, < 1.6)
    shotgun (0.9)
      rack (>= 1.0)
    simplecov (0.7.1)
      multi_json (~> 1.0)
      simplecov-html (~> 0.7.1)
    simplecov-html (0.7.1)
    sinatra (1.3.3)
      rack (~> 1.3, >= 1.3.6)
      rack-protection (~> 1.2)
      tilt (~> 1.3, >= 1.3.3)
    tilt (1.3.3)
    turn (0.9.4)
      ansi

PLATFORMS
  ruby

DEPENDENCIES
  activerecord (= 2.3.15)
  acts_as_solr (= 1.3.3)
  haml (= 3.1.4)
  json (= 1.5.4)
  minitest
  mysql (= 2.8.1)
  rack (= 1.4.1)
  redgreen
  sanitize
  shotgun
  simplecov (= 0.7.1)
  sinatra
  turn
